GEM
  remote: https://rubygems.org/
  specs:
    ruby-progressbar (1.11.0)

PLATFORMS
  arm64-darwin-21

DEPENDENCIES
  ruby-progressbar

BUNDLED WITH
   2.3.12
